GEM
  remote: https://rubygems.org/
  specs:
    actionpack (4.2.6)
      actionview (= 4.2.6)
      activesupport (= 4.2.6)
      rack (~> 1.6)
      rack-test (~> 0.6.2)
      rails-dom-testing (~> 1.0, >= 1.0.5)
      rails-html-sanitizer (~> 1.0, >= 1.0.2)
    actionview (4.2.6)
      activesupport (= 4.2.6)
      builder (~> 3.1)
      erubis (~> 2.7.0)
      rails-dom-testing (~> 1.0, >= 1.0.5)
      rails-html-sanitizer (~> 1.0, >= 1.0.2)
    activesupport (4.2.6)
      i18n (~> 0.7)
      json (~> 1.7, >= 1.7.7)
      minitest (~> 5.1)
      thread_safe (~> 0.3, >= 0.3.4)
      tzinfo (~> 1.1)
    builder (3.2.2)
    childprocess (0.5.9)
      ffi (~> 1.0, >= 1.0.11)
    coderay (1.1.1)
    cucumber (1.3.20)
      builder (>= 2.1.2)
      diff-lcs (>= 1.1.3)
      gherkin (~> 2.12)
      multi_json (>= 1.7.5, < 2.0)
      multi_test (>= 0.1.2)
    data_magic (0.22)
      faker (>= 1.1.2)
      yml_reader (>= 0.6)
    diff-lcs (1.2.5)
    docker-api (1.28.0)
      excon (>= 0.38.0)
      json
    equivalent-xml (0.6.0)
      nokogiri (>= 1.4.3)
    erubis (2.7.0)
    excon (0.49.0)
    faker (1.6.3)
      i18n (~> 0.5)
    ffi (1.9.10)
    gherkin (2.12.2)
      multi_json (~> 1.3)
    highline (1.7.8)
    i18n (0.7.0)
    jruby-pageant (1.1.1)
    json (1.8.3)
    loofah (2.0.3)
      nokogiri (>= 1.5.9)
    method_source (0.8.2)
    mime-types (3.0)
      mime-types-data (~> 3.2015)
    mime-types-data (3.2016.0221)
    mini_portile2 (2.0.0)
    minitest (5.9.0)
    multi_json (1.12.1)
    multi_test (0.1.2)
    net-scp (1.2.1)
      net-ssh (>= 2.6.5)
    net-sftp (2.1.2)
      net-ssh (>= 2.6.5)
    net-ssh (3.1.1)
    nokogiri (1.6.7.2)
      mini_portile2 (~> 2.0.0.rc2)
    parseconfig (1.0.8)
    pg (0.18.4)
    pretty_face (0.10.3)
      actionpack (>= 3.2.13)
      syntax
    pry (0.10.3)
      coderay (~> 1.1.0)
      method_source (~> 0.8.1)
      slop (~> 3.4)
    rack (1.6.4)
    rack-test (0.6.3)
      rack (>= 1.0)
    rails-deprecated_sanitizer (1.0.3)
      activesupport (>= 4.2.0.alpha)
    rails-dom-testing (1.0.7)
      activesupport (>= 4.2.0.beta, < 5.0)
      nokogiri (~> 1.6.0)
      rails-deprecated_sanitizer (>= 1.0.1)
    rails-html-sanitizer (1.0.3)
      loofah (~> 2.0)
    rake (11.1.2)
    rest-client (1.6.7)
      mime-types (>= 1.16)
    ruby-ole (1.2.12)
    rubyXL (3.3.18)
      nokogiri (>= 1.4.4)
      rubyzip (>= 1.1.6)
    rubyzip (1.2.0)
    selenium-webdriver (2.44.0)
      childprocess (~> 0.5)
      multi_json (~> 1.0)
      rubyzip (~> 1.0)
      websocket (~> 1.0)
    slop (3.6.0)
    spreadsheet (1.1.2)
      ruby-ole (>= 1.0)
    syntax (1.2.0)
    thread_safe (0.3.5)
    tzinfo (1.2.2)
      thread_safe (~> 0.1)
    websocket (1.2.3)
    yml_reader (0.7)

PLATFORMS
  ruby

DEPENDENCIES
  bundler
  cucumber (~> 1.3.17)
  data_magic
  docker-api
  equivalent-xml
  highline
  jruby-pageant
  json
  minitest
  net-scp
  net-sftp
  net-ssh
  nokogiri
  parseconfig
  pg
  pretty_face
  pry
  rake
  rest-client (= 1.6.7)
  rubyXL
  selenium-webdriver (= 2.44.0)
  spreadsheet
  syntax

BUNDLED WITH
   1.12.1
